GEM
  remote: https://rubygems.org/
  specs:
    rack (1.6.4)
    rwordnet (1.1.0)

PLATFORMS
  ruby

DEPENDENCIES
  rack
  rwordnet

BUNDLED WITH
   1.12.5
